PATH
  remote: .
  specs:
    rspec-trace-formatter (0.0.1.develop)
      opentelemetry-api (~> 1.0)
      opentelemetry-exporter-otlp (~> 0.20)

GEM
  remote: https://rubygems.org/
  specs:
    ast (2.4.2)
    byebug (11.1.3)
    coderay (1.1.3)
    google-protobuf (3.18.1)
    lefthook (0.7.7)
    libyear-bundler (0.5.3)
      bundler (>= 1.14, < 3)
    method_source (1.0.0)
    opentelemetry-api (1.0.0)
    opentelemetry-common (0.19.2)
      opentelemetry-api (~> 1.0)
    opentelemetry-exporter-otlp (0.20.5)
      google-protobuf (~> 3.7)
      opentelemetry-api (~> 1.0)
      opentelemetry-common (~> 0.19.2)
      opentelemetry-sdk (~> 1.0)
    opentelemetry-instrumentation-base (0.18.3)
      opentelemetry-api (~> 1.0)
    opentelemetry-sdk (1.0.0)
      opentelemetry-api (~> 1.0)
      opentelemetry-common (~> 0.19.2)
      opentelemetry-instrumentation-base (~> 0.18.3)
      opentelemetry-semantic_conventions
    opentelemetry-semantic_conventions (1.6.1)
      opentelemetry-api (~> 1.0)
    parallel (1.21.0)
    parser (3.0.2.0)
      ast (~> 2.4.1)
    pry (0.13.1)
      coderay (~> 1.1)
      method_source (~> 1.0)
    pry-byebug (3.9.0)
      byebug (~> 11.0)
      pry (~> 0.13.0)
    rainbow (3.0.0)
    rake (13.0.6)
    regexp_parser (2.1.1)
    rexml (3.2.5)
    rubocop (1.20.0)
      parallel (~> 1.10)
      parser (>= 3.0.0.0)
      rainbow (>= 2.2.2, < 4.0)
      regexp_parser (>= 1.8, < 3.0)
      rexml
      rubocop-ast (>= 1.9.1, < 2.0)
      ruby-progressbar (~> 1.7)
      unicode-display_width (>= 1.4.0, < 3.0)
    rubocop-ast (1.12.0)
      parser (>= 3.0.1.1)
    rubocop-performance (1.11.5)
      rubocop (>= 1.7.0, < 2.0)
      rubocop-ast (>= 0.4.0)
    ruby-progressbar (1.11.0)
    standard (1.3.0)
      rubocop (= 1.20.0)
      rubocop-performance (= 1.11.5)
    unicode-display_width (2.1.0)

PLATFORMS
  ruby

DEPENDENCIES
  bundler (~> 2.1)
  lefthook (~> 0.7.7)
  libyear-bundler (~> 0.5.3)
  pry (~> 0.13)
  pry-byebug (~> 3.9.0)
  rake (~> 13.0.6)
  rspec-trace-formatter!
  standard (~> 1.3.0)

BUNDLED WITH
   2.1.4
